GEM
  remote: https://rubygems.org/
  specs:
    hoe (3.15.0)
      rake (>= 0.8, < 12.0)
    net-http-persistent (2.9.4)
    rake (11.1.2)

PLATFORMS
  ruby

DEPENDENCIES
  hoe
  net-http-persistent
  rake

BUNDLED WITH
   1.11.2
